GEM
  remote: https://rubygems.org/
  specs:
    RedCloth (4.3.3)
    addressable (2.8.7)
      public_suffix (>= 2.0.2, < 7.0)
    chunky_png (1.2.5)
    colorator (1.1.0)
    compass (0.12.2)
      chunky_png (~> 1.2)
      fssm (>= 0.2.7)
      sass (~> 3.1)
    concurrent-ruby (1.3.4)
    directory_watcher (1.4.1)
    em-websocket (0.5.3)
      eventmachine (>= 0.12.9)
      http_parser.rb (~> 0)
    eventmachine (1.2.7)
    ffi (1.17.0)
    forwardable-extended (2.6.0)
    fssm (0.2.9)
    google-protobuf (3.25.5)
    haml (5.0.0)
      temple (>= 0.8.0)
      tilt
    http_parser.rb (0.8.0)
    i18n (1.14.6)
      concurrent-ruby (~> 1.0)
    jekyll (4.3.4)
      addressable (~> 2.4)
      colorator (~> 1.0)
      em-websocket (~> 0.5)
      i18n (~> 1.0)
      jekyll-sass-converter (>= 2.0, < 4.0)
      jekyll-watch (~> 2.0)
      kramdown (~> 2.3, >= 2.3.1)
      kramdown-parser-gfm (~> 1.0)
      liquid (~> 4.0)
      mercenary (>= 0.3.6, < 0.5)
      pathutil (~> 0.9)
      rouge (>= 3.0, < 5.0)
      safe_yaml (~> 1.0)
      terminal-table (>= 1.8, < 4.0)
      webrick (~> 1.7)
    jekyll-sass-converter (3.0.0)
      sass-embedded (~> 1.54)
    jekyll-watch (2.2.1)
      listen (~> 3.0)
    kramdown (2.5.1)
      rexml (>= 3.3.9)
    kramdown-parser-gfm (1.1.0)
      kramdown (~> 2.0)
    liquid (4.0.4)
    listen (3.9.0)
      rb-fsevent (~> 0.10, >= 0.10.3)
      rb-inotify (~> 0.9, >= 0.9.10)
    mercenary (0.4.0)
    mustermann (2.0.2)
      ruby2_keywords (~> 0.0.1)
    pathutil (0.16.2)
      forwardable-extended (~> 2.6)
    posix-spawn (0.3.15)
    public_suffix (6.0.1)
    pygments.rb (0.3.4)
      posix-spawn (~> 0.3.6)
      yajl-ruby (~> 1.1.0)
    rack (2.2.10)
    rack-protection (2.2.4)
      rack
    rake (12.3.3)
    rb-fsevent (0.11.2)
    rb-inotify (0.11.1)
      ffi (~> 1.0)
    rdiscount (2.0.7.3)
    rexml (3.4.0)
    rouge (4.5.1)
    ruby2_keywords (0.0.5)
    rubypants (0.2.0)
    safe_yaml (1.0.5)
    sass (3.2.9)
    sass-embedded (1.63.3)
      google-protobuf (~> 3.23)
      rake (>= 10.0.0)
    sass-globbing (1.0.0)
      sass (>= 3.1)
    sinatra (2.2.4)
      mustermann (~> 2.0)
      rack (~> 2.2)
      rack-protection (= 2.2.4)
      tilt (~> 2.0)
    stringex (1.4.0)
    temple (0.8.2)
    terminal-table (3.0.2)
      unicode-display_width (>= 1.1.1, < 3)
    tilt (2.4.0)
    unicode-display_width (2.6.0)
    webrick (1.9.1)
    yajl-ruby (1.1.0)

PLATFORMS
  ruby

DEPENDENCIES
  RedCloth (~> 4.3.3)
  compass (~> 0.12.2)
  directory_watcher (= 1.4.1)
  haml (~> 5.0.0)
  jekyll (~> 4.3)
  liquid (~> 4.0.4)
  pygments.rb (~> 0.3.4)
  rake (~> 12.3)
  rb-fsevent (~> 0.11)
  rdiscount (~> 2.0.7)
  rubypants (~> 0.2.0)
  sass (~> 3.2)
  sass-globbing (~> 1.0.0)
  sinatra (~> 2.2.4)
  stringex (~> 1.4.0)
